GEM
  remote: http://rubygems.org/
  specs:
    addressable (2.2.8)
    autoparse (0.3.1)
      addressable (~> 2.2.3)
      extlib (>= 0.9.15)
      multi_json (>= 1.0.0)
    awesome_print (1.0.2)
    extlib (0.9.15)
    fakeweb (1.3.0)
    faraday (0.7.6)
      addressable (~> 2.2)
      multipart-post (~> 1.1)
      rack (~> 1.1)
    google-api-client (0.4.4)
      addressable (>= 2.2.3)
      autoparse (>= 0.3.1)
      extlib (>= 0.9.15)
      faraday (~> 0.7.0)
      launchy (>= 2.0.0)
      multi_json (>= 1.3.0)
      signet (>= 0.3.4)
      uuidtools (>= 2.1.0)
    i18n (0.6.0)
    json (1.7.3)
    jwt (0.1.4)
      json (>= 1.2.4)
    launchy (2.1.0)
      addressable (~> 2.2.6)
    mail (2.4.4)
      i18n (>= 0.4.0)
      mime-types (~> 1.16)
      treetop (~> 1.4.8)
    metaclass (0.0.1)
    mime-types (1.19)
    minitest (3.2.0)
    mocha (0.12.0)
      metaclass (~> 0.0.1)
    multi_json (1.3.6)
    multipart-post (1.1.5)
    nokogiri (1.5.5)
    polyglot (0.3.3)
    pony (1.4)
      mail (> 2.0)
    proxies (0.2.1)
    psych (1.3.3)
    rack (1.4.1)
    rake (0.9.2.2)
    s3 (0.3.11)
      proxies (~> 0.2.0)
    signet (0.3.4)
      addressable (~> 2.2.3)
      faraday (~> 0.7.0)
      jwt (>= 0.1.4)
      multi_json (>= 1.0.0)
    timecop (0.3.5)
    treetop (1.4.10)
      polyglot
      polyglot (>= 0.3.1)
    uuidtools (2.1.2)
    vcr (2.2.2)

PLATFORMS
  ruby

DEPENDENCIES
  awesome_print
  fakeweb (= 1.3.0)
  google-api-client (= 0.4.4)
  minitest (= 3.2.0)
  mocha (= 0.12.0)
  nokogiri (= 1.5.5)
  pony (= 1.4.0)
  psych (= 1.3.3)
  rake (= 0.9.2.2)
  s3 (= 0.3.11)
  timecop (= 0.3.5)
  vcr (= 2.2.2)
