GEM
  remote: http://rubygems.org/
  specs:
    addressable (2.2.8)
    awesome_print (1.0.2)
    chronic (0.6.7)
    excon (0.14.2)
    fakeweb (1.3.0)
    heroku (2.28.8)
      heroku-api (~> 0.2.6)
      launchy (>= 0.3.2)
      netrc (~> 0.7.5)
      rest-client (~> 1.6.1)
      rubyzip
    heroku-api (0.2.6)
      excon (~> 0.14.0)
    launchy (2.1.0)
      addressable (~> 2.2.6)
    mime-types (1.19)
    minitest (3.2.0)
    netrc (0.7.5)
    nokogiri (1.5.5)
    rake (0.9.2.2)
    rest-client (1.6.7)
      mime-types (>= 1.16)
    rubyzip (0.9.9)
    timecop (0.3.5)
    vcr (2.2.2)

PLATFORMS
  ruby

DEPENDENCIES
  awesome_print
  chronic (= 0.6.7)
  fakeweb (= 1.3.0)
  heroku (= 2.28.8)
  minitest (= 3.2.0)
  nokogiri (= 1.5.5)
  rake (= 0.9.2.2)
  timecop (= 0.3.5)
  vcr (= 2.2.2)
